GEM
  remote: https://rubygems.org/
  specs:
    elasticsearch (7.10.1)
      elasticsearch-api (= 7.10.1)
      elasticsearch-transport (= 7.10.1)
    elasticsearch-api (7.10.1)
      multi_json
    elasticsearch-transport (7.10.1)
      faraday (~> 1)
      multi_json
    ethon (0.15.0)
      ffi (>= 1.15.0)
    faraday (1.10.2)
      faraday-em_http (~> 1.0)
      faraday-em_synchrony (~> 1.0)
      faraday-excon (~> 1.1)
      faraday-httpclient (~> 1.0)
      faraday-multipart (~> 1.0)
      faraday-net_http (~> 1.0)
      faraday-net_http_persistent (~> 1.0)
      faraday-patron (~> 1.0)
      faraday-rack (~> 1.0)
      faraday-retry (~> 1.0)
      ruby2_keywords (>= 0.0.4)
    faraday-em_http (1.0.0)
    faraday-em_synchrony (1.0.0)
    faraday-excon (1.1.0)
    faraday-httpclient (1.0.1)
    faraday-multipart (1.0.4)
      multipart-post (~> 2)
    faraday-net_http (1.0.1)
    faraday-net_http_persistent (1.2.0)
    faraday-patron (1.0.0)
    faraday-rack (1.0.0)
    faraday-retry (1.0.3)
    ffi (1.15.5)
    multi_json (1.15.0)
    multipart-post (2.2.3)
    ruby2_keywords (0.0.5)
    typhoeus (1.4.0)
      ethon (>= 0.9.0)

PLATFORMS
  arm64-darwin-21

DEPENDENCIES
  elasticsearch (= 7.10.1)
  typhoeus

BUNDLED WITH
   2.3.12
